{
	"Manufacturer": "Siemens",
	"ManufacturersModelName": "TrioTim",
	"AcquisitionNumber": 1,
	"InstitutionName": "Yale_University_School_of_Medicine",
	"InstitutionAddress": "Gilbert_1_New_Haven-1763f8-_CT_US_06520",
	"DeviceSerialNumber": "35071",
	"SoftwareVersions": "syngo_MR_B17",
	"ProcedureStepDescription": "MRRC_Research_SiteProtocols",
	"ScanningSequence": "GR_IR",
	"SequenceVariant": "SP_MP_OSP",
	"SeriesDescription": "t1_Sag_3D_MPRAGE",
	"ProtocolName": "t1_Sag_3D_MPRAGE",
	"SequenceName": "_tfl3d1_ns",
	"ImageType": ["ORIGINAL", "PRIMARY", "M", "ND", "NORM"],
	"AcquisitionTime": "09:36:8.375000",
	"MagneticFieldStrength": 3,
	"FlipAngle": 9,
	"EchoTime": 0.00252,
	"RepetitionTime": 1.9,
	"InversionTime": 0.9,
	"PhaseEncodingLines": 246,
	"AccelFactPE": 2,
	"PhaseEncodingDirection": "i-",
	"ConversionSoftware": "dcm2niix",
	"ConversionSoftwareVersion": "v1.0.20170624 (OpenJPEG build) MSC1900"
}
