{
	"Manufacturer": "Siemens",
	"ManufacturersModelName": "TrioTim",
	"AcquisitionNumber": 1,
	"InstitutionName": "Yale_University_School_of_Medicine",
	"InstitutionAddress": "Gilbert_1_New_Haven-1763f8-_CT_US_06520",
	"DeviceSerialNumber": "35071",
	"SoftwareVersions": "syngo_MR_B17",
	"ProcedureStepDescription": "MRRC_Research_SiteProtocols",
	"ScanningSequence": "EP",
	"SequenceVariant": "SK_SS",
	"SeriesDescription": "mbep2d_bold_resting(MB4iPAT2)",
	"ProtocolName": "mbep2d_bold_resting(MB4iPAT2)",
	"SequenceName": "epfid2d1_110",
	"ImageType": ["ORIGINAL", "PRIMARY", "M", "MB", "ND", "NORM", "MOSAIC"],
	"AcquisitionTime": "14:30:18.507500",
	"MagneticFieldStrength": 3,
	"FlipAngle": 60,
	"EchoTime": 0.03,
	"RepetitionTime": 1,
	"PhaseEncodingLines": 110,
	"BandwidthPerPixelPhaseEncode": 26.35,
	"EffectiveEchoSpacing": 0.000345006,
	"TotalReadoutTime": 0.0372607,
	"AccelFactPE": 2,
	"TrueEchoSpacing": 0.000690012,
	"SliceTiming": [
		0,
		0.535,
		0.065,
		0.6,
		0.1325,
		0.6675,
		0.2,
		0.735,
		0.2675,
		0.8025,
		0.3325,
		0.8675,
		0.4,
		0.935,
		0.4675,
		0,
		0.535,
		0.065,
		0.6,
		0.1325,
		0.6675,
		0.2,
		0.735,
		0.2675,
		0.8025,
		0.3325,
		0.8675,
		0.4,
		0.935,
		0.4675,
		0,
		0.535,
		0.065,
		0.6,
		0.1325,
		0.6675,
		0.2,
		0.735,
		0.2675,
		0.8025,
		0.3325,
		0.8675,
		0.4,
		0.935,
		0.4675,
		0,
		0.535,
		0.065,
		0.6,
		0.1325,
		0.6675,
		0.2,
		0.735,
		0.2675,
		0.8025,
		0.3325,
		0.8675,
		0.4,
		0.935,
		0.4675	],
	"PhaseEncodingDirection": "j-",
	"ConversionSoftware": "dcm2niix",
	"ConversionSoftwareVersion": "v1.0.20170624 (OpenJPEG build) MSC1900"
}
