{
	"Manufacturer": "Siemens",
	"ManufacturersModelName": "TrioTim",
	"AcquisitionNumber": 1,
	"InstitutionName": "Yale_University_School_of_Medicine",
	"InstitutionAddress": "Gilbert_1_New_Haven-1763f8-_CT_US_06520",
	"DeviceSerialNumber": "35071",
	"SoftwareVersions": "syngo_MR_B17",
	"ProcedureStepDescription": "MRRC_Research_SiteProtocols",
	"ScanningSequence": "EP",
	"SequenceVariant": "SK_SS",
	"SeriesDescription": "cmrr_mbep2d_diff",
	"ProtocolName": "cmrr_mbep2d_diff",
	"SequenceName": "ep_b0",
	"ImageType": ["ORIGINAL", "PRIMARY", "DIFFUSION", "NONE", "MB", "ND", "MOSAIC"],
	"AcquisitionTime": "17:09:1.007500",
	"MagneticFieldStrength": 3,
	"FlipAngle": 90,
	"EchoTime": 0.084,
	"RepetitionTime": 2.2,
	"PhaseEncodingLines": 110,
	"BandwidthPerPixelPhaseEncode": 13.175,
	"EffectiveEchoSpacing": 0.000690012,
	"TotalReadoutTime": 0.056581,
	"SliceTiming": [
		0,
		0.9675,
		1.9325,
		0.69,
		1.6575,
		0.415,
		1.38,
		0.1375,
		1.105,
		2.07,
		0.8275,
		1.795,
		0.5525,
		1.5175,
		0.2775,
		1.2425,
		0,
		0.9675,
		1.9325,
		0.69,
		1.6575,
		0.415,
		1.38,
		0.1375,
		1.105,
		2.07,
		0.8275,
		1.795,
		0.5525,
		1.5175,
		0.2775,
		1.2425,
		0,
		0.9675,
		1.9325,
		0.69,
		1.6575,
		0.415,
		1.38,
		0.1375,
		1.105,
		2.07,
		0.8275,
		1.795,
		0.5525,
		1.5175,
		0.2775,
		1.2425,
		0,
		0.9675,
		1.9325,
		0.69,
		1.6575,
		0.415,
		1.38,
		0.1375,
		1.105,
		2.07,
		0.8275,
		1.795,
		0.5525,
		1.5175,
		0.2775,
		1.2425	],
	"PhaseEncodingDirection": "j-",
	"ConversionSoftware": "dcm2niix",
	"ConversionSoftwareVersion": "v1.0.20170624 (OpenJPEG build) MSC1900"
}
