{
	"Manufacturer": "Siemens",
	"ManufacturersModelName": "TrioTim",
	"AcquisitionNumber": 1,
	"InstitutionName": "Yale_University_School_of_Medicine",
	"InstitutionAddress": "Gilbert_1_New_Haven-1763f8-_CT_US_06520",
	"DeviceSerialNumber": "35071",
	"SoftwareVersions": "syngo_MR_B17",
	"ProcedureStepDescription": "MRRC_Research_SiteProtocols",
	"ScanningSequence": "GR",
	"SequenceVariant": "SP",
	"SeriesDescription": "FieldMap",
	"ProtocolName": "FieldMap",
	"SequenceName": "_fm2d2r",
	"ImageType": ["ORIGINAL", "PRIMARY", "M", "ND", "NORM"],
	"AcquisitionTime": "08:17:58.605000",
	"MagneticFieldStrength": 3,
	"FlipAngle": 50,
	"EchoTime": 0.00492,
	"RepetitionTime": 0.731,
	"PhaseEncodingLines": 84,
	"PhaseEncodingDirection": "j-",
	"ConversionSoftware": "dcm2niix",
	"ConversionSoftwareVersion": "v1.0.20170624 (OpenJPEG build) MSC1900"
}
